GEM
  remote: https://rubygems.org/
  specs:
    actionmailer (3.2.22.5)
      actionpack (= 3.2.22.5)
      mail (~> 2.5.4)
    actionpack (3.2.22.5)
      activemodel (= 3.2.22.5)
      activesupport (= 3.2.22.5)
      builder (~> 3.0.0)
      erubis (~> 2.7.0)
      journey (~> 1.0.4)
      rack (~> 1.4.5)
      rack-cache (~> 1.2)
      rack-test (~> 0.6.1)
      sprockets (~> 2.2.1)
    activemodel (3.2.22.5)
      activesupport (= 3.2.22.5)
      builder (~> 3.0.0)
    activerecord (3.2.22.5)
      activemodel (= 3.2.22.5)
      activesupport (= 3.2.22.5)
      arel (~> 3.0.2)
      tzinfo (~> 0.3.29)
    activeresource (3.2.22.5)
      activemodel (= 3.2.22.5)
      activesupport (= 3.2.22.5)
    activesupport (3.2.22.5)
      i18n (~> 0.6, >= 0.6.4)
      multi_json (~> 1.0)
    airbrussh (1.3.0)
      sshkit (>= 1.6.1, != 1.7.0)
    anjlab-bootstrap-rails (2.3.0.0)
      railties (>= 3.0)
      sass (>= 3.2)
    arel (3.0.3)
    bcrypt (3.1.11)
    bcrypt-ruby (3.1.5)
      bcrypt (>= 3.1.3)
    bootstrap_helper (2.1.2.1)
      railties (~> 3.0)
      simple_form (~> 2.0.2)
      thor (~> 0.14)
      will_paginate (>= 3.0.3)
    builder (3.0.4)
    capistrano (3.10.1)
      airbrussh (>= 1.0.0)
      i18n
      rake (>= 10.0.0)
      sshkit (>= 1.9.0)
    capistrano-bundler (1.3.0)
      capistrano (~> 3.1)
      sshkit (~> 1.2)
    capistrano-rails (1.3.1)
      capistrano (~> 3.1)
      capistrano-bundler (~> 1.1)
    capistrano-rvm (0.1.2)
      capistrano (~> 3.0)
      sshkit (~> 1.2)
    capistrano3-unicorn (0.2.1)
      capistrano (~> 3.1, >= 3.1.0)
    coffee-rails (3.2.2)
      coffee-script (>= 2.2.0)
      railties (~> 3.2.0)
    coffee-script (2.4.1)
      coffee-script-source
      execjs
    coffee-script-source (1.10.0)
    concurrent-ruby (1.0.5)
    devise (2.2.3)
      bcrypt-ruby (~> 3.0)
      orm_adapter (~> 0.1)
      railties (~> 3.1)
      warden (~> 1.2.1)
    erubis (2.7.0)
    execjs (2.7.0)
    faraday (0.12.2)
      multipart-post (>= 1.2, < 3)
    haml (4.0.7)
      tilt
    hashie (3.5.7)
    high_voltage (3.0.0)
    hike (1.2.3)
    i18n (0.9.3)
      concurrent-ruby (~> 1.0)
    journey (1.0.4)
    jquery-rails (3.1.4)
      railties (>= 3.0, < 5.0)
      thor (>= 0.14, < 2.0)
    jquery-ui-rails (5.0.5)
      railties (>= 3.2.16)
    json (1.8.6)
    jwt (1.5.6)
    kgio (2.11.1)
    mail (2.5.5)
      mime-types (~> 1.16)
      treetop (~> 1.4.8)
    mime-types (1.25.1)
    multi_json (1.13.1)
    multi_xml (0.6.0)
    multipart-post (2.0.0)
    mysql2 (0.3.18)
    net-scp (1.2.1)
      net-ssh (>= 2.6.5)
    net-ssh (4.2.0)
    oauth2 (1.4.0)
      faraday (>= 0.8, < 0.13)
      jwt (~> 1.0)
      multi_json (~> 1.3)
      multi_xml (~> 0.5)
      rack (>= 1.2, < 3)
    omniauth (1.4.2)
      hashie (>= 1.2, < 4)
      rack (>= 1.0, < 3)
    omniauth-facebook (4.0.0)
      omniauth-oauth2 (~> 1.2)
    omniauth-oauth2 (1.5.0)
      oauth2 (~> 1.1)
      omniauth (~> 1.2)
    open_graph_helper (0.2.0)
    orm_adapter (0.5.0)
    paper_trail (2.7.2)
      activerecord (~> 3.0)
      railties (~> 3.0)
    polyglot (0.3.5)
    power_assert (0.3.0)
    rack (1.4.7)
    rack-cache (1.7.1)
      rack (>= 0.4)
    rack-ssl (1.3.4)
      rack
    rack-test (0.6.3)
      rack (>= 1.0)
    rails (3.2.22.5)
      actionmailer (= 3.2.22.5)
      actionpack (= 3.2.22.5)
      activerecord (= 3.2.22.5)
      activeresource (= 3.2.22.5)
      activesupport (= 3.2.22.5)
      bundler (~> 1.0)
      railties (= 3.2.22.5)
    railties (3.2.22.5)
      actionpack (= 3.2.22.5)
      activesupport (= 3.2.22.5)
      rack-ssl (~> 1.3.2)
      rake (>= 0.8.7)
      rdoc (~> 3.4)
      thor (>= 0.14.6, < 2.0)
    raindrops (0.19.0)
    rake (12.3.0)
    rdoc (3.12.2)
      json (~> 1.4)
    sass (3.4.22)
    sass-rails (3.2.6)
      railties (~> 3.2.0)
      sass (>= 3.1.10)
      tilt (~> 1.3)
    seo_helper (1.0.3)
    settingslogic (2.0.9)
    simple_form (2.0.4)
      actionpack (~> 3.0)
      activemodel (~> 3.0)
    sprockets (2.2.3)
      hike (~> 1.2)
      multi_json (~> 1.0)
      rack (~> 1.0)
      tilt (~> 1.1, != 1.3.0)
    sshkit (1.15.1)
      net-scp (>= 1.1.2)
      net-ssh (>= 2.8.0)
    test-unit (3.1.8)
      power_assert
    thor (0.20.0)
    tilt (1.4.1)
    treetop (1.4.15)
      polyglot
      polyglot (>= 0.3.1)
    turbo-sprockets-rails3 (0.3.14)
      railties (> 3.2.8, < 4.0.0)
      sprockets (>= 2.2.0)
    tzinfo (0.3.53)
    uglifier (3.0.3)
      execjs (>= 0.3.0, < 3)
    unicorn (5.4.0)
      kgio (~> 2.6)
      raindrops (~> 0.7)
    warden (1.2.6)
      rack (>= 1.0)
    will_paginate (3.1.6)

PLATFORMS
  ruby

DEPENDENCIES
  anjlab-bootstrap-rails (= 2.3.0.0)
  bootstrap_helper (= 2.1.2.1)
  capistrano
  capistrano-rails
  capistrano-rvm
  capistrano3-unicorn
  coffee-rails (~> 3.2.1)
  devise (= 2.2.3)
  execjs
  haml (~> 4.0)
  high_voltage
  jquery-rails
  jquery-ui-rails (~> 5.0)
  mysql2 (= 0.3.18)
  omniauth
  omniauth-facebook
  open_graph_helper
  paper_trail (~> 2)
  rails (= 3.2.22.5)
  sass (= 3.4.22)
  sass-rails (~> 3.2.3)
  seo_helper (~> 1.0)
  settingslogic
  simple_form (~> 2.0)
  test-unit
  turbo-sprockets-rails3
  uglifier (= 3.0.3)
  unicorn
  will_paginate (~> 3.0)

BUNDLED WITH
   1.16.1
